GEM
  remote: https://rubygems.org/
  specs:
    lyricfy (0.1.0)
      nokogiri (>= 1.3.3)
    mini_portile (0.5.2)
    nokogiri (1.6.1)
      mini_portile (~> 0.5.0)

PLATFORMS
  ruby

DEPENDENCIES
  lyricfy
